Brain Vision Data Exchange Header File Version 1.0
; Data created by the Vision Recorder

[Common Infos]
Codepage=UTF-8
DataFile=2020-MSc-Angelo-1__artifactTemp03.eeg
MarkerFile=2020-MSc-Angelo-1__artifactTemp03.vmrk
DataFormat=BINARY
; Data orientation: MULTIPLEXED=ch1,pt1, ch2,pt1 ...
DataOrientation=MULTIPLEXED
NumberOfChannels=31
; Sampling interval in microseconds
SamplingInterval=1000

[Binary Infos]
BinaryFormat=INT_16

[Channel Infos]
; Each entry: Ch<Channel number>=<Name>,<Reference channel name>,
; <Resolution in "Unit">,<Unit>, Future extensions..
; Fields are delimited by commas, some fields might be omitted (empty).
; Commas in channel names are coded as "\1".
Ch1=Fp1,,0.1,µV
Ch2=Fp2,,0.1,µV
Ch3=F3,,0.1,µV
Ch4=F4,,0.1,µV
Ch5=C3,,0.1,µV
Ch6=C4,,0.1,µV
Ch7=P3,,0.1,µV
Ch8=P4,,0.1,µV
Ch9=O1,,0.1,µV
Ch10=O2,,0.1,µV
Ch11=F7,,0.1,µV
Ch12=F8,,0.1,µV
Ch13=T7,,0.1,µV
Ch14=T8,,0.1,µV
Ch15=P7,,0.1,µV
Ch16=P8,,0.1,µV
Ch17=Fz,,0.1,µV
Ch18=Cz,,0.1,µV
Ch19=Pz,,0.1,µV
Ch20=Oz,,0.1,µV
Ch21=FC1,,0.1,µV
Ch22=FC2,,0.1,µV
Ch23=CP1,,0.1,µV
Ch24=CP2,,0.1,µV
Ch25=FC5,,0.1,µV
Ch26=FC6,,0.1,µV
Ch27=CP5,,0.1,µV
Ch28=CP6,,0.1,µV
Ch29=TP9,,0.1,µV
Ch30=TP10,,0.1,µV
Ch31=POz,,0.1,µV

[Comment]

BrainVision Recorder Professional   -   V. 1.21.0303


A m p l i f i e r  S e t u p
============================
Number of channels: 31
Sampling Rate [Hz]: 1000
Sampling Interval [µS]: 1000

Channels
--------
#     Name      Phys. Chn.    Resolution / Unit   Low Cutoff [s]   High Cutoff [Hz]   Notch [Hz]    Series Res. [kOhm] Gradient         Offset
1     Fp1         1                0.1 µV             10              250              Off                0                 
2     Fp2         2                0.1 µV             10              250              Off                0                 
3     F3          3                0.1 µV             10              250              Off                0                 
4     F4          4                0.1 µV             10              250              Off                0                 
5     C3          5                0.1 µV             10              250              Off                0                 
6     C4          6                0.1 µV             10              250              Off                0                 
7     P3          7                0.1 µV             10              250              Off                0                 
8     P4          8                0.1 µV             10              250              Off                0                 
9     O1          9                0.1 µV             10              250              Off                0                 
10    O2          10               0.1 µV             10              250              Off                0                 
11    F7          11               0.1 µV             10              250              Off                0                 
12    F8          12               0.1 µV             10              250              Off                0                 
13    T7          13               0.1 µV             10              250              Off                0                 
14    T8          14               0.1 µV             10              250              Off                0                 
15    P7          15               0.1 µV             10              250              Off                0                 
16    P8          16               0.1 µV             10              250              Off                0                 
17    Fz          17               0.1 µV             10              250              Off                0                 
18    Cz          18               0.1 µV             10              250              Off                0                 
19    Pz          19               0.1 µV             10              250              Off                0                 
20    Oz          20               0.1 µV             10              250              Off                0                 
21    FC1         21               0.1 µV             10              250              Off                0                 
22    FC2         22               0.1 µV             10              250              Off                0                 
23    CP1         23               0.1 µV             10              250              Off                0                 
24    CP2         24               0.1 µV             10              250              Off                0                 
25    FC5         25               0.1 µV             10              250              Off                0                 
26    FC6         26               0.1 µV             10              250              Off                0                 
27    CP5         27               0.1 µV             10              250              Off                0                 
28    CP6         28               0.1 µV             10              250              Off                0                 
29    TP9         29               0.1 µV             10              250              Off                0                 
30    TP10        30               0.1 µV             10              250              Off                0                 
31    POz         31               0.1 µV             10              250              Off                0                 

S o f t w a r e  F i l t e r s
==============================
Disabled


Data Electrodes Selected Impedance Measurement Range: 0 - 20 kOhm
Impedance [kOhm] at 15:49:41 :
Fp1:         17
Fp2:         73
F3:          19
F4:          12
C3:          20
C4:          14
P3:          40
P4:          19
O1:          27
O2:          27
F7:          24
F8:          16
T7:          47
T8:          29
P7:          40
P8:          24
Fz:          23
Cz:          16
Pz:          14
Oz:          22
FC1:         16
FC2:         16
CP1:         16
CP2:         15
FC5:         18
FC6:         20
CP5:         45
CP6:         23
TP9:         23
TP10:        24
POz:         25
Ref:         12
Gnd:         12
